GEM
  remote: https://rubygems.org/
  specs:
    bitcoin (0.2.0)
      bitcoin-ruby
    bitcoin-ruby (0.0.18)
    ffi (1.10.0)
    money-tree (0.10.0)
      ffi

PLATFORMS
  ruby

DEPENDENCIES
  bitcoin
  money-tree

BUNDLED WITH
   2.0.1
